PATH
  remote: .
  specs:
    apparatus (0.0.1)

GEM
  remote: https://rubygems.org/
  specs:
    diff-lcs (1.1.3)
    eventmachine (0.12.10-java)
    ffi (1.0.11-java)
    guard (1.0.3)
      ffi (>= 0.5.0)
      thor (>= 0.14.6)
    guard-rspec (0.7.3)
      guard (>= 0.10.0)
    midi-jruby (0.0.12)
    rspec (2.10.0)
      rspec-core (~> 2.10.0)
      rspec-expectations (~> 2.10.0)
      rspec-mocks (~> 2.10.0)
    rspec-core (2.10.1)
    rspec-expectations (2.10.0)
      diff-lcs (~> 1.1.3)
    rspec-mocks (2.10.1)
    spork (0.9.2)
    thor (0.15.2)
    unimidi (0.3.3-java)
      midi-jruby

PLATFORMS
  java

DEPENDENCIES
  apparatus!
  eventmachine
  guard-rspec
  midi-jruby
  rspec
  spork
  unimidi
